GEM
  remote: https://rubygems.org/
  specs:
    api_banking (0.1.29)
      money (= 6.7.1)
      nokogiri (~> 1.6.8)
      typhoeus (~> 1.1.0)
    diff-lcs (1.3)
    ethon (0.10.1)
      ffi (>= 1.3.0)
    faraday (0.12.0.1)
      multipart-post (>= 1.2, < 3)
    ffi (1.9.18)
    i18n (0.7.0)
    mini_portile2 (2.1.0)
    money (6.7.1)
      i18n (>= 0.6.4, <= 0.7.0)
      sixarm_ruby_unaccent (>= 1.1.1, < 2)
    multipart-post (2.0.0)
    nokogiri (1.6.8.1)
      mini_portile2 (~> 2.1.0)
    rack (2.0.1)
    rspec (3.5.0)
      rspec-core (~> 3.5.0)
      rspec-expectations (~> 3.5.0)
      rspec-mocks (~> 3.5.0)
    rspec-core (3.5.4)
      rspec-support (~> 3.5.0)
    rspec-expectations (3.5.0)
      diff-lcs (>= 1.2.0, < 2.0)
      rspec-support (~> 3.5.0)
    rspec-mocks (3.5.0)
      diff-lcs (>= 1.2.0, < 2.0)
      rspec-support (~> 3.5.0)
    rspec-support (3.5.0)
    rspec-wait (0.0.9)
      rspec (>= 3, < 4)
    ruby-oci8 (2.2.3)
    ruby-plsql (0.6.0)
    sixarm_ruby_unaccent (1.1.1)
    sqlite3 (1.3.13)
    typhoeus (1.1.2)
      ethon (>= 0.9.0)

PLATFORMS
  ruby

DEPENDENCIES
  api_banking (= 0.1.29)
  faraday
  nokogiri
  rack
  rspec
  rspec-wait
  ruby-oci8
  ruby-plsql
  sqlite3

RUBY VERSION
   ruby 2.2.6p396

BUNDLED WITH
   1.14.6
